GEM
  remote: http://rubygems.org/
  specs:
    bottles (1.1.0.499)
    fubudocs (0.9.0.120)
    fuburake (0.9.0.25)
      bottles (~> 1.0)
      fubudocs (>= 0.5)
      ripple-cli (~> 2.0)
    rake (10.1.0)
    ripple-cli (2.1.0.127)

PLATFORMS
  x86-mingw32

DEPENDENCIES
  bundler (>= 1.3.5)
  fuburake (~> 0.5)
  rake (~> 10.0)
  ripple-cli
